GEM
  remote: https://rubygems.org/
  specs:
    narray (0.6.1.1)

PLATFORMS
  ruby

DEPENDENCIES
  narray (~> 0.6.1.1)
